GEM
  specs:
    minitest (5.5.1)

PLATFORMS
  ruby

DEPENDENCIES
  minitest (~> 5)

BUNDLED WITH
   1.14.6
