GEM
  remote: https://rubygems.org/
  specs:
    flog (4.6.1)
      path_expander (~> 1.0)
      ruby_parser (~> 3.1, > 3.1.0)
      sexp_processor (~> 4.8)
    minitest (5.4.0)
    path_expander (1.0.2)
    ruby_parser (3.9.0)
      sexp_processor (~> 4.1)
    sexp_processor (4.9.0)

PLATFORMS
  ruby

DEPENDENCIES
  flog
  minitest (~> 5.4)

BUNDLED WITH
   1.14.6
